PATH
  remote: .
  specs:
    fasta (0.3.1)
      hanami-router (~> 2.0.0.alpha3)
      logger (~> 1)
      oj (~> 3)
      pg (~> 1)
      puma (>= 4, < 6)
      rack (>= 2, < 4)
      sequel (~> 5)
      thor (~> 1)

GEM
  remote: https://rubygems.org/
  specs:
    diff-lcs (1.3)
    hanami-router (2.0.0.alpha3)
      mustermann (~> 1.0)
      mustermann-contrib (~> 1.0)
      rack (~> 2.0)
    hansi (0.2.0)
    logger (1.4.2)
    mustermann (1.1.1)
      ruby2_keywords (~> 0.0.1)
    mustermann-contrib (1.1.1)
      hansi (~> 0.2.0)
      mustermann (= 1.1.1)
    nio4r (2.5.7)
    oj (3.10.6)
    pg (1.2.3)
    puma (5.3.1)
      nio4r (~> 2.0)
    rack (2.2.6.2)
    rake (13.0.1)
    rspec (3.9.0)
      rspec-core (~> 3.9.0)
      rspec-expectations (~> 3.9.0)
      rspec-mocks (~> 3.9.0)
    rspec-core (3.9.2)
      rspec-support (~> 3.9.3)
    rspec-expectations (3.9.2)
      diff-lcs (>= 1.2.0, < 2.0)
      rspec-support (~> 3.9.0)
    rspec-mocks (3.9.1)
      diff-lcs (>= 1.2.0, < 2.0)
      rspec-support (~> 3.9.0)
    rspec-support (3.9.3)
    ruby2_keywords (0.0.2)
    sequel (5.33.0)
    thor (1.0.1)

PLATFORMS
  ruby

DEPENDENCIES
  bundler (~> 2.1)
  fasta!
  rake (~> 13.0)
  rspec (~> 3.0)

BUNDLED WITH
   2.1.4
