PATH
  remote: .
  specs:
    fasta (0.1.8)
      hanami-router (~> 1.3)
      logger (~> 1.0)
      oj (~> 3.6)
      pg (~> 1.0)
      puma (~> 3.0)
      rack (~> 2.0)
      sequel (~> 5.0)
      thor (~> 0.20)

GEM
  remote: https://rubygems.org/
  specs:
    concurrent-ruby (1.1.1)
    diff-lcs (1.3)
    hanami-router (1.3.0)
      hanami-utils (~> 1.3)
      http_router (= 0.11.2)
      rack (~> 2.0)
    hanami-utils (1.3.0)
      concurrent-ruby (~> 1.0)
      transproc (~> 1.0)
    http_router (0.11.2)
      rack (>= 1.0.0)
      url_mount (~> 0.2.1)
    logger (1.2.8)
    oj (3.7.0)
    pg (1.1.3)
    puma (3.12.0)
    rack (2.0.6)
    rake (10.5.0)
    rspec (3.8.0)
      rspec-core (~> 3.8.0)
      rspec-expectations (~> 3.8.0)
      rspec-mocks (~> 3.8.0)
    rspec-core (3.8.0)
      rspec-support (~> 3.8.0)
    rspec-expectations (3.8.1)
      diff-lcs (>= 1.2.0, < 2.0)
      rspec-support (~> 3.8.0)
    rspec-mocks (3.8.0)
      diff-lcs (>= 1.2.0, < 2.0)
      rspec-support (~> 3.8.0)
    rspec-support (3.8.0)
    sequel (5.14.0)
    thor (0.20.0)
    transproc (1.0.2)
    url_mount (0.2.1)
      rack

PLATFORMS
  ruby

DEPENDENCIES
  bundler (~> 1.17)
  fasta!
  rake (~> 10.0)
  rspec (~> 3.0)

BUNDLED WITH
   1.17.1
